GEM
  remote: https://rubygems.org/
  specs:
    activemodel (5.0.1)
      activesupport (= 5.0.1)
    activesupport (5.0.1)
      concurrent-ruby (~> 1.0, >= 1.0.2)
      i18n (~> 0.7)
      minitest (~> 5.1)
      tzinfo (~> 1.1)
    bson (4.2.1)
    concurrent-ruby (1.0.4)
    connection_pool (2.2.1)
    faraday (0.11.0)
      multipart-post (>= 1.2, < 3)
    gems (1.0.0)
      json
    i18n (0.8.0)
    json (2.0.3)
    minitest (5.10.1)
    mongo (2.4.1)
      bson (>= 4.2.1, < 5.0.0)
    mongoid (6.0.3)
      activemodel (~> 5.0)
      mongo (~> 2.3)
    multipart-post (2.0.0)
    newrelic_rpm (3.18.0.329)
    rack (1.6.5)
    rack-protection (1.5.3)
      rack
    rake (12.0.0)
    redis (3.3.3)
    sidekiq (4.2.9)
      concurrent-ruby (~> 1.0)
      connection_pool (~> 2.2, >= 2.2.0)
      rack-protection (>= 1.5.0)
      redis (~> 3.2, >= 3.2.1)
    sinatra (1.4.8)
      rack (~> 1.5)
      rack-protection (~> 1.4)
      tilt (>= 1.3, < 3)
    slack-notifier (2.0.0)
    thread_safe (0.3.5)
    tilt (2.0.6)
    tzinfo (1.2.2)
      thread_safe (~> 0.1)

PLATFORMS
  ruby

DEPENDENCIES
  faraday
  gems
  mongoid
  newrelic_rpm
  rake
  sidekiq
  sinatra
  slack-notifier

RUBY VERSION
   ruby 2.3.3p222

BUNDLED WITH
   1.14.3
